GEM
  specs:
    hologram (1.2.0)
      redcarpet (>= 2.2, < 4.0)
      rouge (>= 1.5)
    redcarpet (3.2.0)
    rouge (1.7.3)

PLATFORMS
  ruby

DEPENDENCIES
  hologram
